GEM
  remote: https://rubygems.org/
  specs:
    ast (2.4.0)
    cabin (0.9.0)
    diff-lcs (1.3)
    ffi (1.10.0)
    ffi (1.10.0-java)
    ffi-rzmq (2.0.7)
      ffi-rzmq-core (>= 1.0.7)
    ffi-rzmq-core (1.0.7)
      ffi
    jaro_winkler (1.5.2)
    jaro_winkler (1.5.2-java)
    log-courier (1.9.0)
      cabin (~> 0.6)
      ffi-rzmq (~> 2.0)
      multi_json (~> 1.10)
    multi_json (1.13.1)
    parallel (1.17.0)
    parser (2.6.3.0)
      ast (~> 2.4.0)
    rainbow (3.0.0)
    rake (12.3.3)
    rspec (3.8.0)
      rspec-core (~> 3.8.0)
      rspec-expectations (~> 3.8.0)
      rspec-mocks (~> 3.8.0)
    rspec-core (3.8.0)
      rspec-support (~> 3.8.0)
    rspec-expectations (3.8.3)
      diff-lcs (>= 1.2.0, < 2.0)
      rspec-support (~> 3.8.0)
    rspec-mocks (3.8.0)
      diff-lcs (>= 1.2.0, < 2.0)
      rspec-support (~> 3.8.0)
    rspec-support (3.8.0)
    rubocop (0.69.0)
      jaro_winkler (~> 1.5.1)
      parallel (~> 1.10)
      parser (>= 2.6)
      rainbow (>= 2.2.2, < 4.0)
      ruby-progressbar (~> 1.7)
      unicode-display_width (>= 1.4.0, < 1.7)
    ruby-prof (0.17.0)
    ruby-progressbar (1.10.0)
    unicode-display_width (1.6.0)

PLATFORMS
  java
  ruby

DEPENDENCIES
  log-courier
  rake
  rspec (~> 3.1)
  rspec-core (~> 3.1)
  rubocop
  ruby-prof (~> 0.15)

BUNDLED WITH
   1.16.6
