PATH
  remote: .
  specs:
    logstash-output-courier (1.8.4)
      log-courier (= 1.8.3)
      logstash-core (>= 1.4, < 3)

GEM
  remote: https://rubygems.org/
  specs:
    ast (2.1.0)
    astrolabe (1.3.1)
      parser (~> 2.2)
    cabin (0.7.2)
    clamp (0.6.5)
    coderay (1.1.0)
    concurrent-ruby (0.9.2-java)
    diff-lcs (1.2.5)
    ffi (1.9.10-java)
    ffi-rzmq (2.0.4)
      ffi-rzmq-core (>= 1.0.1)
    ffi-rzmq-core (1.0.4)
      ffi (~> 1.9)
    filesize (0.0.4)
    gems (0.8.3)
    i18n (0.6.9)
    jrjackson (0.3.6)
    jruby-openssl (0.9.12-java)
    log-courier (1.8.3)
      cabin (~> 0.6)
      ffi-rzmq (~> 2.0)
      multi_json (~> 1.10)
    logstash-core (1.5.5-java)
      cabin (~> 0.7.0)
      clamp (~> 0.6.5)
      concurrent-ruby (~> 0.9.1)
      filesize (= 0.0.4)
      gems (~> 0.8.3)
      i18n (= 0.6.9)
      jrjackson (~> 0.3.6)
      jruby-openssl (>= 0.9.11)
      minitar (~> 0.5.4)
      pry (~> 0.10.1)
      stud (~> 0.0.19)
      thread_safe (~> 0.3.5)
      treetop (< 1.5.0)
    method_source (0.8.2)
    minitar (0.5.4)
    multi_json (1.11.2)
    parser (2.2.3.0)
      ast (>= 1.1, < 3.0)
    polyglot (0.3.5)
    powerpack (0.1.1)
    pry (0.10.3-java)
      coderay (~> 1.1.0)
      method_source (~> 0.8.1)
      slop (~> 3.4)
      spoon (~> 0.0)
    rainbow (2.0.0)
    rake (10.4.2)
    rspec (3.3.0)
      rspec-core (~> 3.3.0)
      rspec-expectations (~> 3.3.0)
      rspec-mocks (~> 3.3.0)
    rspec-core (3.3.2)
      rspec-support (~> 3.3.0)
    rspec-expectations (3.3.1)
      diff-lcs (>= 1.2.0, < 2.0)
      rspec-support (~> 3.3.0)
    rspec-mocks (3.3.2)
      diff-lcs (>= 1.2.0, < 2.0)
      rspec-support (~> 3.3.0)
    rspec-support (3.3.0)
    rubocop (0.35.0)
      astrolabe (~> 1.3)
      parser (>= 2.2.3.0, < 3.0)
      powerpack (~> 0.1)
      rainbow (>= 1.99.1, < 3.0)
      ruby-progressbar (~> 1.7)
    ruby-progressbar (1.7.5)
    slop (3.6.0)
    spoon (0.0.4)
      ffi
    stud (0.0.22)
    thread_safe (0.3.5-java)
    treetop (1.4.15)
      polyglot
      polyglot (>= 0.3.1)

PLATFORMS
  java

DEPENDENCIES
  logstash-output-courier!
  rake
  rspec (~> 3.1)
  rspec-core (~> 3.1)
  rubocop
  ruby-prof (~> 0.15)

BUNDLED WITH
   1.10.6
