PATH
  remote: .
  specs:
    logstash-input-courier (1.10.1-java)
      log-courier (~> 1.10)
      logstash-codec-plain
      logstash-core-plugin-api (>= 1.60, <= 2.99)

PATH
  remote: /usr/local/Cellar/logstash-oss/7.10.2/libexec/logstash-core-plugin-api
  specs:
    logstash-core-plugin-api (2.1.16-java)
      logstash-core (= 7.10.2)

PATH
  remote: /usr/local/Cellar/logstash-oss/7.10.2/libexec/logstash-core
  specs:
    logstash-core (7.10.2-java)
      chronic_duration (~> 0.10)
      clamp (~> 0.6)
      concurrent-ruby (~> 1)
      elasticsearch (~> 5)
      filesize (~> 0.2)
      gems (~> 1)
      i18n (~> 1)
      jrjackson (= 0.4.13)
      jruby-openssl (= 0.10.4)
      manticore (~> 0.6)
      minitar (~> 0.8)
      mustermann (~> 1.0.3)
      pry (~> 0.12)
      puma (~> 4)
      rack (~> 2)
      rubyzip (~> 1)
      sinatra (~> 2)
      stud (~> 0.0.19)
      thread_safe (~> 0.3.6)
      treetop (~> 1)

GEM
  remote: https://rubygems.org/
  specs:
    ast (2.4.0)
    cabin (0.9.0)
    chronic_duration (0.10.6)
      numerizer (~> 0.1.1)
    clamp (0.6.5)
    coderay (1.1.3)
    concurrent-ruby (1.1.8)
    diff-lcs (1.3)
    elasticsearch (5.0.5)
      elasticsearch-api (= 5.0.5)
      elasticsearch-transport (= 5.0.5)
    elasticsearch-api (5.0.5)
      multi_json
    elasticsearch-transport (5.0.5)
      faraday
      multi_json
    faraday (1.3.0)
      faraday-net_http (~> 1.0)
      multipart-post (>= 1.2, < 3)
      ruby2_keywords
    faraday-net_http (1.0.1)
    ffi (1.14.2-java)
    ffi-rzmq (2.0.7)
      ffi-rzmq-core (>= 1.0.7)
    ffi-rzmq-core (1.0.7)
      ffi
    filesize (0.2.0)
    gems (1.2.0)
    i18n (1.8.8)
      concurrent-ruby (~> 1.0)
    jaro_winkler (1.5.4-java)
    jrjackson (0.4.13-java)
    jruby-openssl (0.10.4-java)
    log-courier (1.10.0)
      cabin (~> 0.6)
      ffi-rzmq (~> 2.0)
      multi_json (~> 1.10)
    logstash-codec-plain (3.0.6)
      logstash-core-plugin-api (>= 1.60, <= 2.99)
    manticore (0.7.0-java)
      openssl_pkcs8_pure
    method_source (1.0.0)
    minitar (0.9)
    multi_json (1.15.0)
    multipart-post (2.1.1)
    mustermann (1.0.3)
    nio4r (2.5.8-java)
    numerizer (0.1.1)
    openssl_pkcs8_pure (0.0.0.2)
    parallel (1.19.1)
    parser (2.7.0.4)
      ast (~> 2.4.0)
    polyglot (0.3.5)
    pry (0.14.0-java)
      coderay (~> 1.1)
      method_source (~> 1.0)
      spoon (~> 0.0)
    puma (4.3.9-java)
      nio4r (~> 2.0)
    rack (2.2.3)
    rack-protection (2.1.0)
      rack
    rainbow (3.0.0)
    rake (13.0.1)
    rexml (3.2.5)
    rspec (3.9.0)
      rspec-core (~> 3.9.0)
      rspec-expectations (~> 3.9.0)
      rspec-mocks (~> 3.9.0)
    rspec-core (3.9.1)
      rspec-support (~> 3.9.1)
    rspec-expectations (3.9.0)
      diff-lcs (>= 1.2.0, < 2.0)
      rspec-support (~> 3.9.0)
    rspec-mocks (3.9.1)
      diff-lcs (>= 1.2.0, < 2.0)
      rspec-support (~> 3.9.0)
    rspec-support (3.9.2)
    rubocop (0.80.1)
      jaro_winkler (~> 1.5.1)
      parallel (~> 1.10)
      parser (>= 2.7.0.1)
      rainbow (>= 2.2.2, < 4.0)
      rexml
      ruby-progressbar (~> 1.7)
      unicode-display_width (>= 1.4.0, < 1.7)
    ruby-progressbar (1.10.1)
    ruby2_keywords (0.0.4)
    rubyzip (1.3.0)
    sinatra (2.1.0)
      mustermann (~> 1.0)
      rack (~> 2.2)
      rack-protection (= 2.1.0)
      tilt (~> 2.0)
    spoon (0.0.6)
      ffi
    stud (0.0.23)
    thread_safe (0.3.6-java)
    tilt (2.0.10)
    treetop (1.6.11)
      polyglot (~> 0.3)
    unicode-display_width (1.6.1)

PLATFORMS
  java
  universal-java-14

DEPENDENCIES
  logstash-core!
  logstash-core-plugin-api!
  logstash-input-courier!
  rake
  rspec (~> 3.1)
  rspec-core (~> 3.1)
  rubocop

BUNDLED WITH
   2.2.9
