PATH
  remote: ../log-courier
  specs:
    log-courier (2.10.0)
      cabin (~> 0.6)
      multi_json (~> 1.10)

PATH
  remote: ../logstash/logstash-core-plugin-api
  specs:
    logstash-core-plugin-api (2.1.16-java)
      logstash-core (= 8.6.1)

PATH
  remote: ../logstash/logstash-core
  specs:
    logstash-core (8.6.1-java)
      clamp (~> 1)
      concurrent-ruby (~> 1, < 1.1.10)
      down (~> 5.2.0)
      elasticsearch (~> 7)
      filesize (~> 0.2)
      gems (~> 1)
      i18n (~> 1)
      jrjackson (= 0.4.16)
      jruby-openssl (~> 0.11)
      manticore (~> 0.6)
      minitar (~> 0.8)
      pry (~> 0.12)
      puma (~> 5, >= 5.6.2)
      racc (~> 1.5.2)
      rack (~> 2)
      rubyzip (~> 1)
      sinatra (~> 2)
      stud (~> 0.0.19)
      thread_safe (~> 0.3.6)
      treetop (~> 1)
      tzinfo-data

PATH
  remote: .
  specs:
    logstash-input-courier (2.10.0-java)
      log-courier (= 2.10.0)
      logstash-codec-plain
      logstash-core-plugin-api (>= 1.60, <= 2.99)

GEM
  remote: https://rubygems.org/
  specs:
    addressable (2.8.1)
      public_suffix (>= 2.0.2, < 6.0)
    ast (2.4.2)
    cabin (0.9.0)
    clamp (1.3.2)
    coderay (1.1.3)
    concurrent-ruby (1.1.9)
    diff-lcs (1.5.0)
    down (5.2.4)
      addressable (~> 2.8)
    elasticsearch (7.17.7)
      elasticsearch-api (= 7.17.7)
      elasticsearch-transport (= 7.17.7)
    elasticsearch-api (7.17.7)
      multi_json
    elasticsearch-transport (7.17.7)
      faraday (~> 1)
      multi_json
    faraday (1.10.3)
      faraday-em_http (~> 1.0)
      faraday-em_synchrony (~> 1.0)
      faraday-excon (~> 1.1)
      faraday-httpclient (~> 1.0)
      faraday-multipart (~> 1.0)
      faraday-net_http (~> 1.0)
      faraday-net_http_persistent (~> 1.0)
      faraday-patron (~> 1.0)
      faraday-rack (~> 1.0)
      faraday-retry (~> 1.0)
      ruby2_keywords (>= 0.0.4)
    faraday-em_http (1.0.0)
    faraday-em_synchrony (1.0.0)
    faraday-excon (1.1.0)
    faraday-httpclient (1.0.1)
    faraday-multipart (1.0.4)
      multipart-post (~> 2)
    faraday-net_http (1.0.1)
    faraday-net_http_persistent (1.2.0)
    faraday-patron (1.0.0)
    faraday-rack (1.0.0)
    faraday-retry (1.0.3)
    ffi (1.15.5-java)
    filesize (0.2.0)
    fivemat (1.3.7)
    gem_publisher (1.5.0)
    gems (1.2.0)
    i18n (1.12.0)
      concurrent-ruby (~> 1.0)
    jrjackson (0.4.16-java)
    jruby-openssl (0.14.0-java)
    json (2.6.3-java)
    kramdown (1.14.0)
    logstash-codec-plain (3.1.0)
      logstash-core-plugin-api (>= 1.60, <= 2.99)
      logstash-mixin-ecs_compatibility_support (~> 1.3)
      logstash-mixin-event_support (~> 1.0)
    logstash-devutils (2.4.0-java)
      fivemat
      gem_publisher
      kramdown (= 1.14.0)
      logstash-codec-plain
      logstash-core (>= 6.3)
      minitar
      rake
      rspec (~> 3.0)
      rspec-wait
      stud (>= 0.0.20)
    logstash-mixin-ecs_compatibility_support (1.3.0-java)
      logstash-core (>= 6.0.0)
    logstash-mixin-event_support (1.0.1-java)
      logstash-core (>= 6.8)
    manticore (0.9.1-java)
      openssl_pkcs8_pure
    method_source (1.0.0)
    minitar (0.9)
    multi_json (1.15.0)
    multipart-post (2.3.0)
    mustermann (2.0.2)
      ruby2_keywords (~> 0.0.1)
    nio4r (2.5.8-java)
    openssl_pkcs8_pure (0.0.0.2)
    parallel (1.22.1)
    parser (3.2.1.0)
      ast (~> 2.4.1)
    polyglot (0.3.5)
    pry (0.14.2-java)
      coderay (~> 1.1)
      method_source (~> 1.0)
      spoon (~> 0.0)
    public_suffix (5.0.1)
    puma (5.6.5-java)
      nio4r (~> 2.0)
    racc (1.5.2-java)
    rack (2.2.6.2)
    rack-protection (2.2.4)
      rack
    rainbow (3.1.1)
    rake (13.0.6)
    regexp_parser (2.7.0)
    rexml (3.2.5)
    rspec (3.12.0)
      rspec-core (~> 3.12.0)
      rspec-expectations (~> 3.12.0)
      rspec-mocks (~> 3.12.0)
    rspec-core (3.12.1)
      rspec-support (~> 3.12.0)
    rspec-expectations (3.12.2)
      diff-lcs (>= 1.2.0, < 2.0)
      rspec-support (~> 3.12.0)
    rspec-mocks (3.12.3)
      diff-lcs (>= 1.2.0, < 2.0)
      rspec-support (~> 3.12.0)
    rspec-support (3.12.0)
    rspec-wait (0.0.9)
      rspec (>= 3, < 4)
    rubocop (1.45.1)
      json (~> 2.3)
      parallel (~> 1.10)
      parser (>= 3.2.0.0)
      rainbow (>= 2.2.2, < 4.0)
      regexp_parser (>= 1.8, < 3.0)
      rexml (>= 3.2.5, < 4.0)
      rubocop-ast (>= 1.24.1, < 2.0)
      ruby-progressbar (~> 1.7)
      unicode-display_width (>= 2.4.0, < 3.0)
    rubocop-ast (1.24.1)
      parser (>= 3.1.1.0)
    ruby-progressbar (1.11.0)
    ruby2_keywords (0.0.5)
    rubyzip (1.3.0)
    sinatra (2.2.4)
      mustermann (~> 2.0)
      rack (~> 2.2)
      rack-protection (= 2.2.4)
      tilt (~> 2.0)
    spoon (0.0.6)
      ffi
    stud (0.0.23)
    thread_safe (0.3.6-java)
    tilt (2.0.11)
    treetop (1.6.12)
      polyglot (~> 0.3)
    tzinfo (2.0.6)
      concurrent-ruby (~> 1.0)
    tzinfo-data (1.2022.7)
      tzinfo (>= 1.0.0)
    unicode-display_width (2.4.2)

PLATFORMS
  java
  universal-java-1.8
  universal-java-14
  universal-java-19

DEPENDENCIES
  log-courier!
  logstash-core!
  logstash-core-plugin-api!
  logstash-devutils
  logstash-input-courier!
  rake
  rspec (~> 3.1)
  rspec-core (~> 3.1)
  rubocop

BUNDLED WITH
   2.2.29
