PATH
  remote: .
  specs:
    logstash-input-courier (1.10.1-java)
      log-courier (~> 1.10)
      logstash-codec-plain
      logstash-core-plugin-api (>= 1.60, <= 2.99)

GEM
  remote: https://rubygems.org/
  specs:
    ast (2.4.0)
    cabin (0.9.0)
    chronic_duration (0.10.6)
      numerizer (~> 0.1.1)
    clamp (0.6.5)
    coderay (1.1.2)
    concurrent-ruby (1.1.6)
    diff-lcs (1.3)
    elasticsearch (5.0.5)
      elasticsearch-api (= 5.0.5)
      elasticsearch-transport (= 5.0.5)
    elasticsearch-api (5.0.5)
      multi_json
    elasticsearch-transport (5.0.5)
      faraday
      multi_json
    faraday (1.0.0)
      multipart-post (>= 1.2, < 3)
    ffi (1.12.2-java)
    ffi-rzmq (2.0.7)
      ffi-rzmq-core (>= 1.0.7)
    ffi-rzmq-core (1.0.7)
      ffi
    filesize (0.0.4)
    fivemat (1.3.7)
    gem_publisher (1.5.0)
    gems (0.8.3)
    i18n (0.6.9)
    insist (1.0.0)
    jar-dependencies (0.4.0)
    jaro_winkler (1.5.4)
    jaro_winkler (1.5.4-java)
    jrjackson (0.4.11-java)
    jruby-openssl (0.9.19-java)
    kramdown (1.14.0)
    log-courier (1.10.0)
      cabin (~> 0.6)
      ffi-rzmq (~> 2.0)
      multi_json (~> 1.10)
    logstash-codec-plain (3.0.6)
      logstash-core-plugin-api (>= 1.60, <= 2.99)
    logstash-core (5.6.4-java)
      chronic_duration (= 0.10.6)
      clamp (~> 0.6.5)
      concurrent-ruby (~> 1.0, >= 1.0.5)
      elasticsearch (~> 5.0, >= 5.0.4)
      filesize (= 0.0.4)
      gems (~> 0.8.3)
      i18n (= 0.6.9)
      jar-dependencies
      jrjackson (~> 0.4.3)
      jruby-openssl (= 0.9.19)
      manticore (>= 0.5.4, < 1.0.0)
      minitar (~> 0.5.4)
      pry (~> 0.10.1)
      puma (~> 2.16)
      rack (= 1.6.6)
      ruby-maven (~> 3.3.9)
      rubyzip (~> 1.1.7)
      sinatra (~> 1.4, >= 1.4.6)
      stud (~> 0.0.19)
      thread_safe (~> 0.3.5)
      treetop (< 1.5.0)
    logstash-core-plugin-api (2.1.28-java)
      logstash-core (= 5.6.4)
    logstash-devutils (1.3.6-java)
      fivemat
      gem_publisher
      insist (= 1.0.0)
      kramdown (= 1.14.0)
      logstash-core-plugin-api (>= 2.0, <= 2.99)
      minitar
      rake
      rspec (~> 3.0)
      rspec-wait
      stud (>= 0.0.20)
    manticore (0.6.4-java)
      openssl_pkcs8_pure
    method_source (0.8.2)
    minitar (0.5.4)
    multi_json (1.14.1)
    multipart-post (2.1.1)
    numerizer (0.1.1)
    openssl_pkcs8_pure (0.0.0.2)
    parallel (1.19.1)
    parser (2.7.0.4)
      ast (~> 2.4.0)
    polyglot (0.3.5)
    pry (0.10.4-java)
      coderay (~> 1.1.0)
      method_source (~> 0.8.1)
      slop (~> 3.4)
      spoon (~> 0.0)
    puma (2.16.0-java)
    rack (1.6.6)
    rack-protection (1.5.5)
      rack
    rainbow (3.0.0)
    rake (13.0.1)
    rexml (3.2.4)
    rspec (3.9.0)
      rspec-core (~> 3.9.0)
      rspec-expectations (~> 3.9.0)
      rspec-mocks (~> 3.9.0)
    rspec-core (3.9.1)
      rspec-support (~> 3.9.1)
    rspec-expectations (3.9.0)
      diff-lcs (>= 1.2.0, < 2.0)
      rspec-support (~> 3.9.0)
    rspec-mocks (3.9.1)
      diff-lcs (>= 1.2.0, < 2.0)
      rspec-support (~> 3.9.0)
    rspec-support (3.9.2)
    rspec-wait (0.0.9)
      rspec (>= 3, < 4)
    rubocop (0.80.1)
      jaro_winkler (~> 1.5.1)
      parallel (~> 1.10)
      parser (>= 2.7.0.1)
      rainbow (>= 2.2.2, < 4.0)
      rexml
      ruby-progressbar (~> 1.7)
      unicode-display_width (>= 1.4.0, < 1.7)
    ruby-maven (3.3.12)
      ruby-maven-libs (~> 3.3.9)
    ruby-maven-libs (3.3.9)
    ruby-progressbar (1.10.1)
    rubyzip (1.1.7)
    sinatra (1.4.8)
      rack (~> 1.5)
      rack-protection (~> 1.4)
      tilt (>= 1.3, < 3)
    slop (3.6.0)
    spoon (0.0.6)
      ffi
    stud (0.0.23)
    thread_safe (0.3.6-java)
    tilt (2.0.10)
    treetop (1.4.15)
      polyglot
      polyglot (>= 0.3.1)
    unicode-display_width (1.6.1)

PLATFORMS
  java
  ruby

DEPENDENCIES
  logstash-devutils
  logstash-input-courier!
  rake
  rspec (~> 3.1)
  rspec-core (~> 3.1)
  rubocop

BUNDLED WITH
   1.17.3
