PATH
  remote: .
  specs:
    log-courier (2.7.0)
      cabin (~> 0.6)
      multi_json (~> 1.10)

GEM
  remote: https://rubygems.org/
  specs:
    ast (2.4.0)
    cabin (0.9.0)
    diff-lcs (1.4.4)
    jaro_winkler (1.5.4-java)
    jrjackson (0.4.13-java)
    multi_json (1.15.0)
    parallel (1.19.1)
    parser (2.7.0.4)
      ast (~> 2.4.0)
    rainbow (3.0.0)
    rake (13.0.1)
    rexml (3.2.5)
    rspec (3.10.0)
      rspec-core (~> 3.10.0)
      rspec-expectations (~> 3.10.0)
      rspec-mocks (~> 3.10.0)
    rspec-core (3.10.1)
      rspec-support (~> 3.10.0)
    rspec-expectations (3.10.1)
      diff-lcs (>= 1.2.0, < 2.0)
      rspec-support (~> 3.10.0)
    rspec-mocks (3.10.2)
      diff-lcs (>= 1.2.0, < 2.0)
      rspec-support (~> 3.10.0)
    rspec-support (3.10.2)
    rubocop (0.80.1)
      jaro_winkler (~> 1.5.1)
      parallel (~> 1.10)
      parser (>= 2.7.0.1)
      rainbow (>= 2.2.2, < 4.0)
      rexml
      ruby-progressbar (~> 1.7)
      unicode-display_width (>= 1.4.0, < 1.7)
    ruby-progressbar (1.10.1)
    unicode-display_width (1.6.1)

PLATFORMS
  java
  universal-java-14

DEPENDENCIES
  jrjackson (~> 0.4.11)
  log-courier!
  oj (~> 3.13.9)
  rake
  rspec (~> 3.10.0)
  rspec-core (~> 3.10.1)
  rubocop
  ruby-prof (~> 1.4.3)

BUNDLED WITH
   2.2.29
