PATH
  remote: .
  specs:
    log-courier (1.10)
      cabin (~> 0.6)
      ffi-rzmq (~> 2.0)
      multi_json (~> 1.10)

GEM
  remote: https://rubygems.org/
  specs:
    ast (2.4.0)
    cabin (0.9.0)
    diff-lcs (1.2.5)
    ffi (1.12.2)
    ffi (1.12.2-java)
    ffi-rzmq (2.0.7)
      ffi-rzmq-core (>= 1.0.7)
    ffi-rzmq-core (1.0.7)
      ffi
    jaro_winkler (1.5.4)
    jaro_winkler (1.5.4-java)
    jrjackson (0.4.9-java)
    multi_json (1.14.1)
    oj (3.9.0)
    parallel (1.19.1)
    parser (2.7.0.4)
      ast (~> 2.4.0)
    rainbow (3.0.0)
    rake (12.3.3)
    rexml (3.2.4)
    rspec (3.3.0)
      rspec-core (~> 3.3.0)
      rspec-expectations (~> 3.3.0)
      rspec-mocks (~> 3.3.0)
    rspec-core (3.3.2)
      rspec-support (~> 3.3.0)
    rspec-expectations (3.3.1)
      diff-lcs (>= 1.2.0, < 2.0)
      rspec-support (~> 3.3.0)
    rspec-mocks (3.3.2)
      diff-lcs (>= 1.2.0, < 2.0)
      rspec-support (~> 3.3.0)
    rspec-support (3.3.0)
    rubocop (0.80.1)
      jaro_winkler (~> 1.5.1)
      parallel (~> 1.10)
      parser (>= 2.7.0.1)
      rainbow (>= 2.2.2, < 4.0)
      rexml
      ruby-progressbar (~> 1.7)
      unicode-display_width (>= 1.4.0, < 1.7)
    ruby-prof (0.15.8)
    ruby-progressbar (1.10.1)
    unicode-display_width (1.6.1)

PLATFORMS
  java
  ruby

DEPENDENCIES
  jrjackson (~> 0.4)
  log-courier!
  oj (~> 3.8)
  rake
  rspec (~> 3.1)
  rspec-core (~> 3.1)
  rubocop
  ruby-prof (~> 0.15)

BUNDLED WITH
   1.17.3
