PATH
  remote: .
  specs:
    log-courier (2.7.3)
      cabin (~> 0.6)
      multi_json (~> 1.10)

GEM
  remote: https://rubygems.org/
  specs:
    ast (2.4.2)
    cabin (0.9.0)
    diff-lcs (1.4.4)
    jrjackson (0.4.11-java)
    multi_json (1.15.0)
    parallel (1.21.0)
    parser (3.0.2.0)
      ast (~> 2.4.1)
    rainbow (3.0.0)
    rake (13.0.6)
    regexp_parser (2.1.1)
    rexml (3.2.5)
    rspec (3.10.0)
      rspec-core (~> 3.10.0)
      rspec-expectations (~> 3.10.0)
      rspec-mocks (~> 3.10.0)
    rspec-core (3.10.1)
      rspec-support (~> 3.10.0)
    rspec-expectations (3.10.1)
      diff-lcs (>= 1.2.0, < 2.0)
      rspec-support (~> 3.10.0)
    rspec-mocks (3.10.2)
      diff-lcs (>= 1.2.0, < 2.0)
      rspec-support (~> 3.10.0)
    rspec-support (3.10.2)
    rubocop (1.22.2)
      parallel (~> 1.10)
      parser (>= 3.0.0.0)
      rainbow (>= 2.2.2, < 4.0)
      regexp_parser (>= 1.8, < 3.0)
      rexml
      rubocop-ast (>= 1.12.0, < 2.0)
      ruby-progressbar (~> 1.7)
      unicode-display_width (>= 1.4.0, < 3.0)
    rubocop-ast (1.12.0)
      parser (>= 3.0.1.1)
    ruby-progressbar (1.11.0)
    unicode-display_width (2.1.0)

PLATFORMS
  java
  universal-java-14

DEPENDENCIES
  jrjackson (~> 0.4.11)
  log-courier!
  oj (~> 3.13.9)
  rake
  rspec (~> 3.10.0)
  rspec-core (~> 3.10.1)
  rubocop
  ruby-prof (~> 1.4.3)

BUNDLED WITH
   2.2.29
