PATH
  remote: .
  specs:
    log-courier (2.9.1)
      cabin (~> 0.6)
      multi_json (~> 1.10)

GEM
  remote: https://rubygems.org/
  specs:
    ast (2.4.2)
    cabin (0.9.0)
    diff-lcs (1.5.0)
    fileutils (1.7.0)
    jrjackson (0.4.17-java)
    json (2.6.3)
    json (2.6.3-java)
    multi_json (1.15.0)
    oj (3.13.23)
    parallel (1.22.1)
    parser (3.2.1.0)
      ast (~> 2.4.1)
    rainbow (3.1.1)
    rake (13.0.6)
    regexp_parser (2.7.0)
    rexml (3.2.5)
    rspec (3.10.0)
      rspec-core (~> 3.10.0)
      rspec-expectations (~> 3.10.0)
      rspec-mocks (~> 3.10.0)
    rspec-core (3.10.2)
      rspec-support (~> 3.10.0)
    rspec-expectations (3.10.2)
      diff-lcs (>= 1.2.0, < 2.0)
      rspec-support (~> 3.10.0)
    rspec-mocks (3.10.3)
      diff-lcs (>= 1.2.0, < 2.0)
      rspec-support (~> 3.10.0)
    rspec-support (3.10.3)
    rubocop (1.45.1)
      json (~> 2.3)
      parallel (~> 1.10)
      parser (>= 3.2.0.0)
      rainbow (>= 2.2.2, < 4.0)
      regexp_parser (>= 1.8, < 3.0)
      rexml (>= 3.2.5, < 4.0)
      rubocop-ast (>= 1.24.1, < 2.0)
      ruby-progressbar (~> 1.7)
      unicode-display_width (>= 2.4.0, < 3.0)
    rubocop-ast (1.24.1)
      parser (>= 3.1.1.0)
    ruby-prof (1.4.5)
    ruby-progressbar (1.11.0)
    unicode-display_width (2.4.2)

PLATFORMS
  java
  universal-java-14
  x86_64-darwin-21

DEPENDENCIES
  fileutils
  jrjackson (~> 0.4.11)
  log-courier!
  oj (~> 3.13.9)
  rake
  rspec (~> 3.10.0)
  rspec-core (~> 3.10.1)
  rubocop
  ruby-prof (~> 1.4.3)

BUNDLED WITH
   2.3.7
